GEM
  remote: http://rubygems.org/
  specs:
    activemodel (3.0.0)
      activesupport (= 3.0.0)
      builder (~> 2.1.2)
      i18n (~> 0.4.1)
    activesupport (3.0.0)
    addressable (2.2.2)
    bson (1.1.4)
    bson_ext (1.1.4)
    builder (2.1.2)
    crack (0.1.8)
    haml (3.0.18)
    i18n (0.4.1)
    json (1.4.6)
    mime-types (1.16)
    mongo (1.1.4)
      bson (>= 1.1.1)
    mongoid (2.0.0.beta.20)
      activemodel (~> 3.0)
      mongo (~> 1.1)
      tzinfo (~> 0.3.22)
      will_paginate (~> 3.0.pre)
    rack (1.2.1)
    rack-test (0.5.6)
      rack (>= 1.0)
    rest-client (1.6.1)
      mime-types (>= 1.16)
    rest-graph (1.6.0)
    sinatra (1.0)
      rack (>= 1.0)
    tzinfo (0.3.23)
    vcr (1.8.0)
    webmock (1.6.2)
      addressable (>= 2.2.2)
      crack (>= 0.1.7)
    will_paginate (3.0.pre2)

PLATFORMS
  ruby

DEPENDENCIES
  activesupport
  bson_ext
  haml
  json
  mongoid (= 2.0.0.beta.20)
  rack-test
  rest-client
  rest-graph
  sinatra
  vcr
  webmock
